PATH
  remote: .
  specs:
    sql-builder (0.1.0)

GEM
  remote: https://rubygems.org/
  specs:
    minitest (5.14.0)
    rake (13.0.1)

PLATFORMS
  ruby

DEPENDENCIES
  bundler (~> 2.0.2)
  minitest (~> 5.0)
  rake (~> 13.0)
  sql-builder!

BUNDLED WITH
   2.0.2
