PATH
  remote: .
  specs:
    sql_builder (1.3.0)

GEM
  remote: https://rubygems.org/
  specs:
    activemodel (6.0.4)
      activesupport (= 6.0.4)
    activerecord (6.0.4)
      activemodel (= 6.0.4)
      activesupport (= 6.0.4)
    activesupport (6.0.4)
      concurrent-ruby (~> 1.0, >= 1.0.2)
      i18n (>= 0.7, < 2)
      minitest (~> 5.1)
      tzinfo (~> 1.1)
      zeitwerk (~> 2.2, >= 2.2.2)
    concurrent-ruby (1.1.9)
    i18n (1.8.10)
      concurrent-ruby (~> 1.0)
    minitest (5.14.3)
    pg (0.21.0)
    rake (13.0.3)
    thread_safe (0.3.6)
    tzinfo (1.2.10)
      thread_safe (~> 0.1)
    zeitwerk (2.4.2)

PLATFORMS
  ruby

DEPENDENCIES
  activerecord (>= 5.2)
  bundler (~> 2.1)
  minitest (~> 5.0)
  pg (~> 0.18)
  rake (~> 13)
  sql_builder!

BUNDLED WITH
   2.3.6
